GEM
  remote: https://rubygems.org/
  specs:
    exif (2.2.4)
    thor (1.3.1)

PLATFORMS
  arm64-darwin-23
  ruby

DEPENDENCIES
  exif
  thor

RUBY VERSION
   ruby 3.3.0p0

BUNDLED WITH
   2.5.17
